GEM
  remote: https://rubygems.org/
  specs:
    axlsx (1.3.2)
      htmlentities (~> 4.3.1)
      nokogiri (>= 1.4.1)
      rubyzip (>= 0.9.5)
    htmlentities (4.3.1)
    json (1.7.5)
    multi_json (1.3.7)
    nokogiri (1.5.5)
    rubyzip (0.9.9)

PLATFORMS
  ruby

DEPENDENCIES
  axlsx
  json
  multi_json
